GIT
  remote: git@github.com:immateriel/imml.git
  revision: 46e349291325bc20efb2674a21864fa408ccdbd4
  specs:
    imml (1.0.0)
      levenshtein
      nokogiri
      nokogiri

GEM
  specs:
    levenshtein (0.2.2)
    mini_portile (0.5.3)
    nokogiri (1.6.1)
      mini_portile (~> 0.5.0)
    rack (1.5.2)

PLATFORMS
  ruby

DEPENDENCIES
  imml!
  rack
