GIT
  remote: git@github.com:immateriel/imml.git
  revision: 59a835778fc7c49345d9a1a71a0ef8f487d788ba
  specs:
    imml (0.0.1)
      levenshtein
      nokogiri

GEM
  specs:
    levenshtein (0.2.2)
    mini_portile (0.5.2)
    nokogiri (1.6.1)
      mini_portile (~> 0.5.0)
    rack (1.5.2)

PLATFORMS
  ruby

DEPENDENCIES
  imml!
  rack
